GEM
  remote: https://rubygems.org/
  specs:
    addressable (2.4.0)
    cairo (1.15.2-x64-mingw32)
      pkg-config (>= 1.1.5)
    cairo (1.15.2-x86-mingw32)
      pkg-config (>= 1.1.5)
    coderay (1.1.1)
    dropbox-sdk (1.6.5)
      json
    ffi (1.9.10-x64-mingw32)
    ffi (1.9.10-x86-mingw32)
    formatador (0.2.5)
    gdk_pixbuf2 (3.0.8-x64-mingw32)
      glib2 (= 3.0.8)
    gdk_pixbuf2 (3.0.8-x86-mingw32)
      glib2 (= 3.0.8)
    glib2 (3.0.8-x64-mingw32)
      cairo (>= 1.12.8)
      pkg-config
    glib2 (3.0.8-x86-mingw32)
      cairo (>= 1.12.8)
      pkg-config
    guard (2.14.0)
      formatador (>= 0.2.4)
      listen (>= 2.7, < 4.0)
      lumberjack (~> 1.0)
      nenv (~> 0.1)
      notiffany (~> 0.0)
      pry (>= 0.9.12)
      shellany (~> 0.0)
      thor (>= 0.18.1)
    guard-rake (1.0.0)
      guard
      rake
    json (1.8.3)
    launchy (2.4.3)
      addressable (~> 2.3)
    listen (3.1.5)
      rb-fsevent (~> 0.9, >= 0.9.4)
      rb-inotify (~> 0.9, >= 0.9.7)
      ruby_dep (~> 1.2)
    lumberjack (1.0.10)
    mercenary (0.3.6)
    method_source (0.8.2)
    mini_portile2 (2.1.0)
    nenv (0.3.0)
    nokogiri (1.6.8-x64-mingw32)
      mini_portile2 (~> 2.1.0)
      pkg-config (~> 1.1.7)
    nokogiri (1.6.8-x86-mingw32)
      mini_portile2 (~> 2.1.0)
      pkg-config (~> 1.1.7)
    notiffany (0.1.0)
      nenv (~> 0.1)
      shellany (~> 0.0)
    pango (3.0.8-x64-mingw32)
      cairo (>= 1.14.0)
      glib2 (= 3.0.8)
    pango (3.0.8-x86-mingw32)
      cairo (>= 1.14.0)
      glib2 (= 3.0.8)
    pkg-config (1.1.7)
    pry (0.10.3)
      coderay (~> 1.1.0)
      method_source (~> 0.8.1)
      slop (~> 3.4)
    rake (11.2.2)
    rb-fsevent (0.9.7)
    rb-inotify (0.9.7)
      ffi (>= 0.5.0)
    roo (2.3.2)
      nokogiri (~> 1)
      rubyzip (~> 1.1, < 2.0.0)
    rsvg2 (3.0.8-x64-mingw32)
      cairo (>= 1.12.8)
      gdk_pixbuf2 (= 3.0.8)
      pango (>= 3.0.8)
    rsvg2 (3.0.8-x86-mingw32)
      cairo (>= 1.12.8)
      gdk_pixbuf2 (= 3.0.8)
      pango (>= 3.0.8)
    ruby-progressbar (1.8.1)
    ruby_dep (1.3.1)
    rubyzip (1.2.0)
    shellany (0.0.1)
    slop (3.6.0)
    squib (0.10.0)
      cairo (~> 1.15.2)
      mercenary (~> 0.3.4)
      nokogiri (~> 1.6.7)
      pango (~> 3.0.1)
      roo (~> 2.3.0)
      rsvg2 (~> 3.0.0)
      ruby-progressbar (~> 1.8)
    thor (0.19.1)

PLATFORMS
  x64-mingw32
  x86-mingw32

DEPENDENCIES
  dropbox-sdk
  guard
  guard-rake
  launchy
  squib

BUNDLED WITH
   1.12.5
